GEM
  remote: https://rubygems.org/
  specs:
    minitest (5.8.5)
    rake (12.1.0)

PLATFORMS
  ruby

DEPENDENCIES
  minitest
  rake

BUNDLED WITH
   1.15.1
